GEM
  remote: http://rubygems.org/
  remote: http://gems.github.com/
  specs:
    aasm (2.2.0)
    actionmailer (2.3.15)
      actionpack (= 2.3.15)
    actionpack (2.3.15)
      activesupport (= 2.3.15)
      rack (~> 1.1.3)
    activerecord (2.3.15)
      activesupport (= 2.3.15)
    activeresource (2.3.15)
      activesupport (= 2.3.15)
    activesupport (2.3.15)
    aws-s3 (0.6.2)
      builder
      mime-types
      xml-simple
    builder (3.0.0)
    chronic (0.3.0)
    configuration (1.2.0)
    eventmachine (0.12.10)
    feed-normalizer (1.5.2)
      hpricot (>= 0.6)
      simple-rss (>= 1.1)
    heroku (2.21.3)
      launchy (>= 0.3.2)
      netrc (~> 0.7.1)
      rest-client (~> 1.6.1)
      rubyzip
    hpricot (0.8.4)
    json (1.5.1)
    launchy (0.4.0)
      configuration (>= 0.0.5)
      rake (>= 0.8.1)
    memcache-client (1.7.4)
    mime-types (1.16)
    netrc (0.7.1)
    oauth (0.3.6)
      ruby-hmac (>= 0.3.1)
    pg (0.11.0)
    rack (1.1.4)
    rack-openid (1.3.1)
      rack (>= 1.1.0)
      ruby-openid (>= 2.1.8)
    rails (2.3.15)
      actionmailer (= 2.3.15)
      actionpack (= 2.3.15)
      activerecord (= 2.3.15)
      activeresource (= 2.3.15)
      activesupport (= 2.3.15)
      rake (>= 0.8.3)
    rake (10.0.3)
    rest-client (1.6.1)
      mime-types (>= 1.16)
    rmagick (2.13.1)
    ruby-hmac (0.4.0)
    ruby-openid (2.1.8)
    rubyzip (0.9.6.1)
    simple-rss (1.2.3)
    starling-starling (0.10.0)
      eventmachine (>= 0.12.0)
      memcache-client (>= 1.7.0)
    texticle (1.0.4.20101004123327)
    xml-simple (1.0.15)

PLATFORMS
  ruby

DEPENDENCIES
  aasm
  aws-s3
  chronic
  eventmachine
  feed-normalizer
  heroku (>= 2.2.0)
  json
  memcache-client (= 1.7.4)
  oauth (= 0.3.6)
  pg
  rack-openid
  rails (= 2.3.15)
  rmagick
  starling-starling
  texticle
